NRRD0001
dimension: 3
type: float
sizes: 5 5 5
spacings: 0.5 0.5 0.5
endian: big
data file: figure3-scalar_field.raw
encoding: raw
